GEM
  remote: https://rubygems.org/
  specs:
    sqlite3 (1.4.2)

PLATFORMS
  x86-mingw32

DEPENDENCIES
  "sqlite3" , "1.3.12"

BUNDLED WITH
   2.2.32
